GEM
  remote: https://rubygems.org/
  specs:
    coderay (1.1.2)
    dotenv (2.5.0)
    method_source (0.9.2)
    pry (0.12.2)
      coderay (~> 1.1.0)
      method_source (~> 0.9.0)
    pry-doc (0.13.5)
      pry (~> 0.11)
      yard (~> 0.9.11)
    rake (12.3.2)
    yard (0.9.16)

PLATFORMS
  ruby

DEPENDENCIES
  bundler
  dotenv
  pry
  pry-doc
  rake

BUNDLED WITH
   1.17.1
